PATH
  remote: .
  specs:
    rebbler (0.0.5)
      haml
      net-dns
      sinatra (~> 3.2.0)
      sinatra-contrib
      sinatra-websocket
      thin

GEM
  remote: https://rubygems.org/
  specs:
    addressable (2.8.6)
      public_suffix (>= 2.0.2, < 6.0)
    base64 (0.2.0)
    daemons (1.4.1)
    em-websocket (0.3.8)
      addressable (>= 2.1.1)
      eventmachine (>= 0.12.9)
    eventmachine (1.2.7)
    haml (6.3.0)
      temple (>= 0.8.2)
      thor
      tilt
    multi_json (1.15.0)
    mustermann (3.0.0)
      ruby2_keywords (~> 0.0.1)
    net-dns (0.20.0)
    public_suffix (5.0.5)
    rack (2.2.9)
    rack-protection (3.2.0)
      base64 (>= 0.1.0)
      rack (~> 2.2, >= 2.2.4)
    ruby2_keywords (0.0.5)
    sinatra (3.2.0)
      mustermann (~> 3.0)
      rack (~> 2.2, >= 2.2.4)
      rack-protection (= 3.2.0)
      tilt (~> 2.0)
    sinatra-contrib (3.2.0)
      multi_json (>= 0.0.2)
      mustermann (~> 3.0)
      rack-protection (= 3.2.0)
      sinatra (= 3.2.0)
      tilt (~> 2.0)
    sinatra-websocket (0.3.1)
      em-websocket (~> 0.3.6)
      eventmachine
      thin (>= 1.3.1, < 2.0.0)
    temple (0.10.3)
    thin (1.8.2)
      daemons (~> 1.0, >= 1.0.9)
      eventmachine (~> 1.0, >= 1.0.4)
      rack (>= 1, < 3)
    thor (1.3.1)
    tilt (2.3.0)

PLATFORMS
  x86_64-darwin-22

DEPENDENCIES
  rebbler!

RUBY VERSION
   ruby 3.2.0p0

BUNDLED WITH
   2.4.1
